PATH
  remote: .
  specs:
    papercraft (0.25)
      escape_utils (~> 1.2.1)
      kramdown (~> 2.3.1)
      kramdown-parser-gfm (~> 1.1.0)
      rouge (~> 3.27.0)

GEM
  remote: https://rubygems.org/
  specs:
    benchmark-ips (2.7.2)
    erubis (2.7.0)
    escape_utils (1.2.2)
    kramdown (2.3.2)
      rexml
    kramdown-parser-gfm (1.1.0)
      kramdown (~> 2.0)
    minitest (5.15.0)
    rexml (3.2.5)
    rouge (3.27.0)
    tilt (2.0.10)

PLATFORMS
  arm64-darwin-21
  ruby
  x86_64-linux

DEPENDENCIES
  benchmark-ips (~> 2.7.2)
  erubis (~> 2.7.0)
  minitest (~> 5.15)
  papercraft!
  tilt (~> 2.0.9)

BUNDLED WITH
   2.3.3
