PATH
  remote: .
  specs:
    papercraft (1.3)
      escape_utils (~> 1.3.0)
      kramdown (~> 2.5.1)
      kramdown-parser-gfm (~> 1.1.0)
      rouge (~> 4.5.1)
      sirop (~> 0.5)

GEM
  remote: https://rubygems.org/
  specs:
    benchmark-ips (2.7.2)
    erubis (2.7.0)
    escape_utils (1.3.0)
    kramdown (2.5.1)
      rexml (>= 3.3.9)
    kramdown-parser-gfm (1.1.0)
      kramdown (~> 2.0)
    minitest (5.25.4)
    prism (0.27.0)
    rexml (3.4.0)
    rouge (4.5.1)
    sirop (0.5)
      prism (~> 0.27.0)
    tilt (2.2.0)

PLATFORMS
  arm64-darwin-21
  ruby
  x86_64-linux

DEPENDENCIES
  benchmark-ips (~> 2.7.2)
  erubis (~> 2.7.0)
  minitest (~> 5.25.4)
  papercraft!
  tilt (~> 2.2.0)

BUNDLED WITH
   2.3.3
